GEM
  remote: http://rubygems.org/
  specs:
    activemodel (3.2.2)
      activesupport (= 3.2.2)
      builder (~> 3.0.0)
    activesupport (3.2.2)
      i18n (~> 0.6)
      multi_json (~> 1.0)
    bson (1.6.1)
    bson_ext (1.6.1)
      bson (~> 1.6.1)
    builder (3.0.0)
    daemons (1.1.8)
    eventmachine (0.12.10)
    haml (3.1.4)
    i18n (0.6.0)
    log_buddy (0.6.0)
    mongo (1.6.1)
      bson (~> 1.6.1)
    mongo_mapper (0.11.0)
      activemodel (~> 3.0)
      activesupport (~> 3.0)
      plucky (~> 0.4.0)
    multi_json (1.1.0)
    plucky (0.4.4)
      mongo (~> 1.5)
    rack (1.4.1)
    rack-flash (0.1.2)
      rack
    rack-protection (1.2.0)
      rack
    sass (3.1.15)
    shotgun (0.9)
      rack (>= 1.0)
    sinatra (1.3.0)
      rack (~> 1.3)
      rack-protection (~> 1.1)
      tilt (~> 1.3)
    thin (1.2.7)
      daemons (>= 1.0.9)
      eventmachine (>= 0.12.6)
      rack (>= 1.0.0)
    tilt (1.3.3)

PLATFORMS
  ruby

DEPENDENCIES
  bson_ext
  haml
  log_buddy
  mongo
  mongo_mapper
  rack-flash
  sass
  shotgun
  sinatra (= 1.3.0)
  thin (= 1.2.7)
